GEM
  remote: http://rubygems.org/
  specs:
    awesome_print (1.0.2)
    backports (3.11.4)
    citrus (2.4.1)
    diff-lcs (1.1.3)
    path (1.3.3)
    quickl (0.4.3)
    rack (1.6.11)
    rack-protection (1.5.5)
      rack
    rack-test (0.8.3)
      rack (>= 1.0, < 3)
    rake (0.9.6)
    rspec (2.10.0)
      rspec-core (~> 2.10.0)
      rspec-expectations (~> 2.10.0)
      rspec-mocks (~> 2.10.0)
    rspec-core (2.10.1)
    rspec-expectations (2.10.0)
      diff-lcs (~> 1.1.3)
    rspec-mocks (2.10.1)
    sinatra (1.4.8)
      rack (~> 1.5)
      rack-protection (~> 1.4)
      tilt (>= 1.3, < 3)
    temple (0.8.0)
    tilt (1.4.1)

PLATFORMS
  ruby

DEPENDENCIES
  awesome_print (~> 1.0.2)
  backports (>= 2.6)
  bundler (~> 1.0)
  citrus (~> 2.4.1)
  path (~> 1.3)
  quickl (~> 0.4.3)
  rack-test (~> 0.6)
  rake (~> 0.9.2)
  rspec (~> 2.10.0)
  sinatra (>= 1.4)
  temple (~> 0.6)
  tilt (~> 1.3)

BUNDLED WITH
   1.16.1
