GEM
  remote: http://rubygems.org/
  specs:
    bluecloth (2.2.0)
    citrus (2.4.1)
    diff-lcs (1.1.3)
    rake (0.9.2.2)
    rspec (2.8.0)
      rspec-core (~> 2.8.0)
      rspec-expectations (~> 2.8.0)
      rspec-mocks (~> 2.8.0)
    rspec-core (2.8.0)
    rspec-expectations (2.8.0)
      diff-lcs (~> 1.1.2)
    rspec-mocks (2.8.0)
    temple (0.3.5)
    wlang (0.10.2)
    yard (0.7.4)

PLATFORMS
  ruby

DEPENDENCIES
  bluecloth (~> 2.2.0)
  bundler (~> 1.0)
  citrus (~> 2.4.1)
  rake (~> 0.9.2)
  rspec (~> 2.8.0)
  temple (~> 0.3.5)
  wlang (~> 0.10.2)
  yard (~> 0.7.2)
