GIT
  remote: https://github.com/Keemotion/citrus.git
  revision: 2b9cbaff5fd7145ea551fce921a2950fe489f9b7
  specs:
    citrus (2.5.2)

GEM
  remote: http://rubygems.org/
  specs:
    awesome_print (1.0.2)
    backports (3.14.0)
    diff-lcs (1.1.3)
    mustermann (1.0.3)
    path (2.0.1)
    quickl (0.4.3)
    rack (2.0.7)
    rack-protection (2.0.5)
      rack
    rack-test (0.8.3)
      rack (>= 1.0, < 3)
    rake (0.9.6)
    rspec (2.10.0)
      rspec-core (~> 2.10.0)
      rspec-expectations (~> 2.10.0)
      rspec-mocks (~> 2.10.0)
    rspec-core (2.10.1)
    rspec-expectations (2.10.0)
      diff-lcs (~> 1.1.3)
    rspec-mocks (2.10.1)
    sinatra (2.0.5)
      mustermann (~> 1.0)
      rack (~> 2.0)
      rack-protection (= 2.0.5)
      tilt (~> 2.0)
    temple (0.8.1)
    tilt (2.0.9)

PLATFORMS
  ruby

DEPENDENCIES
  awesome_print (~> 1.0.2)
  backports (>= 2.6)
  bundler (~> 1.0)
  citrus (~> 2.5)!
  path (~> 2.0)
  quickl (~> 0.4.3)
  rack-test (~> 0.6)
  rake (~> 0.9.2)
  rspec (~> 2.10.0)
  sinatra (>= 2.0)
  temple (~> 0.6)
  tilt (~> 2.0)

BUNDLED WITH
   1.17.3
