GEM
  remote: http://rubygems.org/
  specs:
    backports (2.3.0)
    bluecloth (2.2.0)
    citrus (2.4.1)
    diff-lcs (1.1.3)
    epath (0.0.1)
    rake (0.9.2.2)
    rspec (2.8.0)
      rspec-core (~> 2.8.0)
      rspec-expectations (~> 2.8.0)
      rspec-mocks (~> 2.8.0)
    rspec-core (2.8.0)
    rspec-expectations (2.8.0)
      diff-lcs (~> 1.1.2)
    rspec-mocks (2.8.0)
    ruby-prof (0.10.8)
    temple (0.3.5)
    yard (0.7.4)

PLATFORMS
  java
  ruby

DEPENDENCIES
  backports (~> 2.3.0)
  bluecloth (~> 2.2.0)
  bundler (~> 1.0)
  citrus (~> 2.4.1)
  epath (~> 0.0.1)
  rake (~> 0.9.2)
  rspec (~> 2.8.0)
  ruby-prof (~> 0.10.8)
  temple (~> 0.3.5)
  yard (~> 0.7.2)
