GIT
  remote: git://github.com/blambeau/viiite.git
  revision: 5e1d90272b1e3e7e6146e4224423d61b1719cab4
  specs:
    viiite (0.3.0)
      alf (~> 0.10.1)
      epath
      gnuplot (~> 2.3.6)
      json

GEM
  remote: http://rubygems.org/
  specs:
    alf (0.10.1)
      highline (~> 1.6.2)
      myrrha (~> 1.2.1)
      quickl (~> 0.4.1)
    backports (2.3.0)
    bluecloth (2.2.0)
    citrus (2.4.1)
    diff-lcs (1.1.3)
    epath (0.0.1)
    gnuplot (2.3.6)
    highline (1.6.9)
    json (1.6.5)
    json (1.6.5-java)
    mustache (0.99.4)
    myrrha (1.2.1)
    quickl (0.4.2)
    rake (0.9.2.2)
    rspec (2.8.0)
      rspec-core (~> 2.8.0)
      rspec-expectations (~> 2.8.0)
      rspec-mocks (~> 2.8.0)
    rspec-core (2.8.0)
    rspec-expectations (2.8.0)
      diff-lcs (~> 1.1.2)
    rspec-mocks (2.8.0)
    ruby-prof (0.10.8)
    temple (0.3.5)
    yard (0.7.4)

PLATFORMS
  java
  ruby

DEPENDENCIES
  backports (~> 2.3.0)
  bluecloth (~> 2.2.0)
  bundler (~> 1.0)
  citrus (~> 2.4.1)
  epath (~> 0.0.1)
  mustache (~> 0.99.4)
  rake (~> 0.9.2)
  rspec (~> 2.8.0)
  ruby-prof (~> 0.10.8)
  temple (~> 0.3.5)
  viiite!
  yard (~> 0.7.2)
